PATH
  remote: .
  specs:
    rainforest_auth (0.1.1)
      json

GEM
  remote: http://rubygems.org/
  specs:
    diff-lcs (1.3)
    json (2.1.0)
    rake (13.0.1)
    rspec (2.99.0)
      rspec-core (~> 2.99.0)
      rspec-expectations (~> 2.99.0)
      rspec-mocks (~> 2.99.0)
    rspec-core (2.99.2)
    rspec-expectations (2.99.2)
      diff-lcs (>= 1.1.3, < 2.0)
    rspec-mocks (2.99.4)

PLATFORMS
  ruby

DEPENDENCIES
  bundler
  jruby-openssl
  rainforest_auth!
  rake (>= 0.8.7)
  rspec (>= 2.0)

BUNDLED WITH
   1.17.3
