PATH
  remote: .
  specs:
    rainforest_auth (0.0.12)
      json

GEM
  remote: http://rubygems.org/
  specs:
    diff-lcs (1.2.5)
    json (2.0.3)
    rake (10.1.1)
    rspec (2.14.1)
      rspec-core (~> 2.14.0)
      rspec-expectations (~> 2.14.0)
      rspec-mocks (~> 2.14.0)
    rspec-core (2.14.8)
    rspec-expectations (2.14.5)
      diff-lcs (>= 1.1.3, < 2.0)
    rspec-mocks (2.14.6)

PLATFORMS
  ruby

DEPENDENCIES
  bundler
  jruby-openssl
  rainforest_auth!
  rake (>= 0.8.7)
  rspec (>= 2.0)

BUNDLED WITH
   1.14.4
