PATH
  remote: .
  specs:
    rainforest_auth (0.0.12)
      json

GEM
  remote: http://rubygems.org/
  specs:
    diff-lcs (1.3)
    json (2.0.3)
    rake (12.0.0)
    rspec (3.5.0)
      rspec-core (~> 3.5.0)
      rspec-expectations (~> 3.5.0)
      rspec-mocks (~> 3.5.0)
    rspec-core (3.5.4)
      rspec-support (~> 3.5.0)
    rspec-expectations (3.5.0)
      diff-lcs (>= 1.2.0, < 2.0)
      rspec-support (~> 3.5.0)
    rspec-mocks (3.5.0)
      diff-lcs (>= 1.2.0, < 2.0)
      rspec-support (~> 3.5.0)
    rspec-support (3.5.0)

PLATFORMS
  ruby

DEPENDENCIES
  bundler
  jruby-openssl
  rainforest_auth!
  rake (>= 0.8.7)
  rspec (>= 2.0)

BUNDLED WITH
   1.14.4
