PATH
  remote: .
  specs:
    rainforest_auth (0.1.1)
      json

GEM
  remote: http://rubygems.org/
  specs:
    diff-lcs (1.4.4)
    json (2.3.1)
    rake (13.0.1)
    rspec (3.10.0)
      rspec-core (~> 3.10.0)
      rspec-expectations (~> 3.10.0)
      rspec-mocks (~> 3.10.0)
    rspec-core (3.10.0)
      rspec-support (~> 3.10.0)
    rspec-expectations (3.10.0)
      diff-lcs (>= 1.2.0, < 2.0)
      rspec-support (~> 3.10.0)
    rspec-mocks (3.10.0)
      diff-lcs (>= 1.2.0, < 2.0)
      rspec-support (~> 3.10.0)
    rspec-support (3.10.0)

PLATFORMS
  ruby

DEPENDENCIES
  bundler
  jruby-openssl
  rainforest_auth!
  rake (>= 0.8.7)
  rspec (>= 2.0)

BUNDLED WITH
   1.17.3
