PATH
  remote: .
  specs:
    rainforest_auth (0.0.7)
      json

GEM
  remote: http://rubygems.org/
  specs:
    diff-lcs (1.2.4)
    json (1.8.0)
    rake (10.1.0)
    rspec (2.13.0)
      rspec-core (~> 2.13.0)
      rspec-expectations (~> 2.13.0)
      rspec-mocks (~> 2.13.0)
    rspec-core (2.13.1)
    rspec-expectations (2.13.0)
      diff-lcs (>= 1.1.3, < 2.0)
    rspec-mocks (2.13.1)

PLATFORMS
  ruby

DEPENDENCIES
  bundler
  jruby-openssl
  rainforest_auth!
  rake (>= 0.8.7)
  rspec (>= 2.0)
